GEM
  remote: http://rubygems.org/
  remote: http://gems.github.com/
  specs:
    Ascii85 (1.0.2)
    afm (0.2.0)
    bson (1.8.2)
    bson_ext (1.8.2)
      bson (~> 1.8.2)
    chunky_png (1.2.7)
    commonjs (0.2.6)
    crypt (1.1.4)
    exifr (1.1.3)
    handlebars (0.4.0)
      commonjs (~> 0.2.3)
      therubyracer (~> 0.11.1)
    hashery (2.1.0)
    i18n (0.6.4)
    json (1.7.7)
    kramdown (0.14.2)
    kvparser (0.0.1)
    libv8 (3.11.8.13)
    log4r (1.1.10)
    mail (2.5.3)
      i18n (>= 0.4.0)
      mime-types (~> 1.16)
      treetop (~> 1.4.8)
    memcache-client (1.8.5)
    mime-types (1.21)
    mini_magick (3.5.0)
      subexec (~> 0.2.1)
    mongo (1.8.2)
      bson (~> 1.8.2)
    mustache (0.99.4)
    pbkdf2 (0.1.0)
    pdf-reader (1.3.2)
      Ascii85 (~> 1.0.0)
      afm (~> 0.2.0)
      hashery (~> 2.0)
      ruby-rc4
      ttfunk
    polyglot (0.3.3)
    prawn (0.12.0)
      pdf-reader (>= 0.9.0)
      ttfunk (~> 1.0.2)
    rack (1.5.2)
    ref (1.0.2)
    ruby-rc4 (0.1.5)
    subexec (0.2.2)
    therubyracer (0.11.3)
      libv8 (~> 3.11.8.12)
      ref
    treetop (1.4.12)
      polyglot
      polyglot (>= 0.3.1)
    ttfunk (1.0.3)
    ubbparser (0.0.6)
    xml-simple (1.1.2)
    zipruby (0.3.6)

PLATFORMS
  ruby

DEPENDENCIES
  bson
  bson_ext
  chunky_png
  crypt
  exifr
  handlebars
  json
  kramdown
  kvparser
  log4r
  mail
  memcache-client
  mini_magick
  mongo
  mustache
  pbkdf2
  prawn
  rack
  ubbparser
  xml-simple
  zipruby
