GEM
  remote: http://rubygems.org/
  remote: http://gems.github.com/
  specs:
    bson (1.12.0)
    bson_ext (1.12.0)
      bson (~> 1.12.0)
    chunky_png (1.3.4)
    crass (1.0.1)
    crypt (2.0)
    exifr (1.2.0)
    geocoder (1.2.7)
    highline (1.7.1)
    json (1.8.2)
    kramdown (1.5.0)
    kvparser (0.0.1)
    log4r (1.1.10)
    mail (2.6.3)
      mime-types (>= 1.16, < 3)
    memcache-client (1.8.5)
    mime-types (2.4.3)
    mini_magick (4.1.0)
    mini_portile (0.6.2)
    mongo (1.12.0)
      bson (= 1.12.0)
    mustache (1.0.1)
    netrc (0.10.3)
    nokogiri (1.6.6.2)
      mini_portile (~> 0.6.0)
    nokogumbo (1.2.0)
      nokogiri
    pdf-core (0.5.0)
    prawn (2.0.0)
      pdf-core (~> 0.5.0)
      ttfunk (~> 1.4.0)
    prawn-table (0.2.1)
    rack (1.6.0)
    rest-client (1.7.3)
      mime-types (>= 1.16, < 3.0)
      netrc (~> 0.7)
    sanitize (3.1.2)
      crass (~> 1.0.1)
      nokogiri (>= 1.4.4)
      nokogumbo (= 1.2.0)
    sass (3.4.13)
    screenplay (0.1.2)
      highline (~> 1.6)
      rest-client (~> 1.7)
    ttfunk (1.4.0)
    ubbparser (0.2.0)
    xml-simple (1.1.4)
    yui-compressor (0.12.0)
    zipruby (0.3.6)

PLATFORMS
  ruby

DEPENDENCIES
  bson
  bson_ext
  chunky_png
  crypt
  exifr
  geocoder
  json
  kramdown
  kvparser
  log4r
  mail
  memcache-client
  mini_magick
  mongo
  mustache
  prawn
  prawn-table
  rack
  sanitize
  sass
  screenplay
  ubbparser
  xml-simple
  yui-compressor
  zipruby
