GEM
  remote: http://rubygems.org/
  remote: http://gems.github.com/
  specs:
    Ascii85 (1.0.2)
    POpen4 (0.1.4)
      Platform (>= 0.4.0)
      open4
    Platform (0.4.0)
    afm (0.2.0)
    bson (1.9.0)
    bson_ext (1.9.0)
      bson (~> 1.9.0)
    chunky_png (1.2.8)
    commonjs (0.2.6)
    crypt (1.1.4)
    exifr (1.1.3)
    handlebars (0.4.0)
      commonjs (~> 0.2.3)
      therubyracer (~> 0.11.1)
    hashery (2.1.0)
    json (1.8.0)
    kramdown (1.0.2)
    kvparser (0.0.1)
    libv8 (3.11.8.17)
    log4r (1.1.10)
    mail (2.5.4)
      mime-types (~> 1.16)
      treetop (~> 1.4.8)
    memcache-client (1.8.5)
    mime-types (1.23)
    mini_magick (3.6.0)
      subexec (~> 0.2.1)
    mongo (1.9.0)
      bson (~> 1.9.0)
    mustache (0.99.4)
    open4 (1.3.0)
    pbkdf2 (0.1.0)
    pdf-reader (1.3.3)
      Ascii85 (~> 1.0.0)
      afm (~> 0.2.0)
      hashery (~> 2.0)
      ruby-rc4
      ttfunk
    polyglot (0.3.3)
    prawn (0.12.0)
      pdf-reader (>= 0.9.0)
      ttfunk (~> 1.0.2)
    rack (1.5.2)
    ref (1.0.5)
    ruby-rc4 (0.1.5)
    subexec (0.2.3)
    therubyracer (0.11.4)
      libv8 (~> 3.11.8.12)
      ref
    treetop (1.4.14)
      polyglot
      polyglot (>= 0.3.1)
    ttfunk (1.0.3)
    ubbparser (0.0.8)
    xml-simple (1.1.2)
    yui-compressor (0.9.6)
      POpen4 (>= 0.1.4)
    zipruby (0.3.6)

PLATFORMS
  ruby

DEPENDENCIES
  bson
  bson_ext
  chunky_png
  crypt
  exifr
  handlebars
  json
  kramdown
  kvparser
  log4r
  mail
  memcache-client
  mini_magick
  mongo
  mustache
  pbkdf2
  prawn
  rack
  ubbparser
  xml-simple
  yui-compressor
  zipruby
