GEM
  remote: http://rubygems.org/
  remote: http://gems.github.com/
  specs:
    bson (1.12.3)
    bson_ext (1.12.3)
      bson (~> 1.12.3)
    chunky_png (1.3.4)
    crypt (2.2.1)
    domain_name (0.5.24)
      unf (>= 0.0.5, < 1.0.0)
    exifr (1.2.3.1)
    geocoder (1.2.11)
    highline (1.7.7)
    http-cookie (1.0.2)
      domain_name (~> 0.5)
    json (1.8.3)
    kramdown (1.8.0)
    kvparser (0.0.1)
    log4r (1.1.10)
    mail (2.6.3)
      mime-types (>= 1.16, < 3)
    memcache-client (1.8.5)
    mime-types (2.6.2)
    mini_magick (4.3.3)
    mongo (1.12.3)
      bson (= 1.12.3)
    mustache (1.0.2)
    netrc (0.10.3)
    pdf-core (0.6.0)
    prawn (2.0.2)
      pdf-core (~> 0.6.0)
      ttfunk (~> 1.4.0)
    prawn-table (0.2.2)
      prawn (>= 1.3.0, < 3.0.0)
    rack (1.6.4)
    rest-client (1.8.0)
      http-cookie (>= 1.0.2, < 2.0)
      mime-types (>= 1.16, < 3.0)
      netrc (~> 0.7)
    sass (3.4.18)
    screenplay (0.1.5)
      highline (~> 1.6)
      rest-client (~> 1.7)
    ttfunk (1.4.0)
    ubbparser (0.2.0)
    unf (0.1.4)
      unf_ext
    unf_ext (0.0.7.1)
    yui-compressor (0.12.0)
    zipruby (0.3.6)

PLATFORMS
  ruby

DEPENDENCIES
  bson
  bson_ext
  chunky_png
  crypt
  exifr
  geocoder
  json
  kramdown
  kvparser
  log4r
  mail
  memcache-client
  mini_magick
  mongo
  mustache
  prawn
  prawn-table
  rack
  sass
  screenplay
  ubbparser
  yui-compressor
  zipruby

BUNDLED WITH
   1.10.6
