GEM
  remote: http://rubygems.org/
  remote: http://gems.github.com/
  specs:
    bson (1.8.2)
    bson_ext (1.8.2)
      bson (~> 1.8.2)
    chunky_png (1.2.7)
    commonjs (0.2.6)
    crypt (1.1.4)
    exifr (1.1.3)
    handlebars (0.4.0)
      commonjs (~> 0.2.3)
      therubyracer (~> 0.11.1)
    json (1.7.7)
    kramdown (0.14.2)
    libv8 (3.11.8.13)
    memcache-client (1.8.5)
    mini_magick (3.5.0)
      subexec (~> 0.2.1)
    mongo (1.8.2)
      bson (~> 1.8.2)
    mustache (0.99.4)
    pbkdf2 (0.1.0)
    rack (1.5.2)
    ref (1.0.2)
    subexec (0.2.2)
    therubyracer (0.11.3)
      libv8 (~> 3.11.8.12)
      ref
    ubbparser (0.0.6)
    xml-simple (1.1.2)
    zipruby (0.3.6)

PLATFORMS
  ruby

DEPENDENCIES
  bson
  bson_ext
  chunky_png
  crypt
  exifr
  handlebars
  json
  kramdown
  memcache-client
  mini_magick
  mongo
  mustache
  pbkdf2
  rack
  ubbparser
  xml-simple
  zipruby
