GEM
  remote: http://rubygems.org/
  remote: http://gems.github.com/
  specs:
    bson (1.10.2)
    bson_ext (1.10.2)
      bson (~> 1.10.2)
    chunky_png (1.3.1)
    crass (0.2.1)
    crypt (2.0)
    exifr (1.1.3)
    geocoder (1.2.4)
    json (1.8.1)
    kramdown (1.4.1)
    kvparser (0.0.1)
    log4r (1.1.10)
    mail (2.6.1)
      mime-types (>= 1.16, < 3)
    memcache-client (1.8.5)
    mime-types (2.3)
    mini_magick (3.8.0)
      subexec (~> 0.2.1)
    mini_portile (0.6.0)
    mongo (1.10.2)
      bson (= 1.10.2)
    mustache (0.99.6)
    nokogiri (1.6.3.1)
      mini_portile (= 0.6.0)
    nokogumbo (1.1.9)
      nokogiri
    pdf-core (0.2.5)
    prawn (1.2.1)
      pdf-core (~> 0.2.5)
      ttfunk (~> 1.2.0)
    prawn-table (0.1.2)
    rack (1.5.2)
    sanitize (3.0.0)
      crass (~> 0.2.0)
      nokogiri (>= 1.4.4)
      nokogumbo (= 1.1.9)
    sass (3.3.14)
    subexec (0.2.3)
    ttfunk (1.2.0)
    ubbparser (0.2.0)
    xml-simple (1.1.4)
    yui-compressor (0.12.0)
    zipruby (0.3.6)

PLATFORMS
  ruby

DEPENDENCIES
  bson
  bson_ext
  chunky_png
  crypt
  exifr
  geocoder
  json
  kramdown
  kvparser
  log4r
  mail
  memcache-client
  mini_magick
  mongo
  mustache
  prawn
  prawn-table
  rack
  sanitize
  sass
  ubbparser
  xml-simple
  yui-compressor
  zipruby
