GEM
  remote: http://rubygems.org/
  remote: http://gems.github.com/
  specs:
    bson (1.9.2)
    bson_ext (1.9.2)
      bson (~> 1.9.2)
    chunky_png (1.3.0)
    crypt (1.1.4)
    exifr (1.1.3)
    geocoder (1.1.9)
    json (1.8.1)
    kramdown (1.3.2)
    kvparser (0.0.1)
    log4r (1.1.10)
    mail (2.5.4)
      mime-types (~> 1.16)
      treetop (~> 1.4.8)
    memcache-client (1.8.5)
    mime-types (1.25.1)
    mini_magick (3.7.0)
      subexec (~> 0.2.1)
    mini_portile (0.5.2)
    mongo (1.9.2)
      bson (~> 1.9.2)
    mustache (0.99.5)
    nokogiri (1.6.1)
      mini_portile (~> 0.5.0)
    pbkdf2 (0.1.0)
    pdf-core (0.1.6)
    polyglot (0.3.4)
    prawn (0.15.0)
      pdf-core (~> 0.1.3)
      ttfunk (~> 1.1.0)
    rack (1.5.2)
    sanitize (2.1.0)
      nokogiri (>= 1.4.4)
    sass (3.2.14)
    subexec (0.2.3)
    treetop (1.4.15)
      polyglot
      polyglot (>= 0.3.1)
    ttfunk (1.1.1)
    ubbparser (0.1.9)
    xml-simple (1.1.3)
    yui-compressor (0.12.0)
    zipruby (0.3.6)

PLATFORMS
  ruby

DEPENDENCIES
  bson
  bson_ext
  chunky_png
  crypt
  exifr
  geocoder
  json
  kramdown
  kvparser
  log4r
  mail
  memcache-client
  mini_magick
  mongo
  mustache
  pbkdf2
  prawn
  rack
  sanitize
  sass
  ubbparser
  xml-simple
  yui-compressor
  zipruby
