GEM
  remote: http://rubygems.org/
  remote: http://gems.github.com/
  specs:
    Ascii85 (1.0.2)
    addressable (2.3.5)
    afm (0.2.0)
    autoparse (0.3.3)
      addressable (>= 2.3.1)
      extlib (>= 0.9.15)
      multi_json (>= 1.0.0)
    bson (1.9.2)
    bson_ext (1.9.2)
      bson (~> 1.9.2)
    chunky_png (1.2.9)
    commonjs (0.2.7)
    crypt (1.1.4)
    exifr (1.1.3)
    extlib (0.9.16)
    faraday (0.8.8)
      multipart-post (~> 1.2.0)
    google-api-client (0.6.4)
      addressable (>= 2.3.2)
      autoparse (>= 0.3.3)
      extlib (>= 0.9.15)
      faraday (~> 0.8.4)
      jwt (>= 0.1.5)
      launchy (>= 2.1.1)
      multi_json (>= 1.0.0)
      signet (~> 0.4.5)
      uuidtools (>= 2.1.0)
    handlebars (0.5.0)
      commonjs (~> 0.2.3)
      handlebars-source (~> 1.0.12)
      therubyracer (~> 0.12.0)
    handlebars-source (1.0.12)
    hashery (2.1.1)
    json (1.8.1)
    jwt (0.1.8)
      multi_json (>= 1.5)
    kramdown (1.3.0)
    kvparser (0.0.1)
    launchy (2.4.2)
      addressable (~> 2.3)
    libv8 (3.16.14.3)
    log4r (1.1.10)
    mail (2.5.4)
      mime-types (~> 1.16)
      treetop (~> 1.4.8)
    memcache-client (1.8.5)
    mime-types (1.25.1)
    mini_magick (3.7.0)
      subexec (~> 0.2.1)
    mongo (1.9.2)
      bson (~> 1.9.2)
    multi_json (1.8.2)
    multipart-post (1.2.0)
    mustache (0.99.5)
    pbkdf2 (0.1.0)
    pdf-reader (1.3.3)
      Ascii85 (~> 1.0.0)
      afm (~> 0.2.0)
      hashery (~> 2.0)
      ruby-rc4
      ttfunk
    polyglot (0.3.3)
    prawn (0.13.0)
      afm
      pdf-reader (~> 1.2)
      ruby-rc4
      ttfunk (~> 1.0.3)
    rack (1.5.2)
    ref (1.0.5)
    ruby-rc4 (0.1.5)
    sass (3.2.12)
    signet (0.4.5)
      addressable (>= 2.2.3)
      faraday (~> 0.8.1)
      jwt (>= 0.1.5)
      multi_json (>= 1.0.0)
    subexec (0.2.3)
    therubyracer (0.12.0)
      libv8 (~> 3.16.14.0)
      ref
    treetop (1.4.15)
      polyglot
      polyglot (>= 0.3.1)
    ttfunk (1.0.3)
    ubbparser (0.1.1)
    uuidtools (2.1.4)
    xml-simple (1.1.2)
    yui-compressor (0.12.0)
    zipruby (0.3.6)

PLATFORMS
  ruby

DEPENDENCIES
  bson
  bson_ext
  chunky_png
  crypt
  exifr
  google-api-client
  handlebars
  json
  kramdown
  kvparser
  log4r
  mail
  memcache-client
  mini_magick
  mongo
  mustache
  pbkdf2
  prawn
  rack
  sass
  ubbparser
  xml-simple
  yui-compressor
  zipruby
